REDIRECTS: ON
CONTENT: NONE
FRAMEWORK: NET40, NET45
NUGET
  remote: https://www.nuget.org/api/v2
    CsQuery (1.3.4)
    dotNetRDF (1.0.12)
      HtmlAgilityPack (>= 1.4.9)
      Newtonsoft.Json (>= 8.0.3)
      VDS.Common (1.6.4)
    FakeItEasy (2.2)
    FluentAssertions (4.14)
    Fody (1.29.4)
    gitlink (2.3)
    GitVersionTask (3.6.3)
    HtmlAgilityPack (1.4.9.5)
    JetBrainsAnnotations.Fody (1.0.5)
      Fody (>= 1.29.2)
    JsonLd.Entities (0.3.3)
      json-ld.net (>= 1.0.5)
    json-ld.net (1.0.5)
      Newtonsoft.Json (>= 6.0.4)
    Microsoft.Owin (3.0.1)
      Owin (>= 1.0)
    Microsoft.Owin.Host.SystemWeb (3.0.1)
      Microsoft.Owin (>= 3.0.1)
      Owin (>= 1.0)
    Microsoft.Owin.Hosting (3.0.1)
      Microsoft.Owin (>= 3.0.1)
      Owin (>= 1.0)
    Nancy (1.4.3)
    Nancy.Owin (1.4.1)
      Nancy (>= 1.4.1)
      Owin (>= 1.0)
    Nancy.Testing (1.4.1)
      CsQuery (>= 1.3.3)
      Nancy (>= 1.4.1)
    Newtonsoft.Json (9.0.1)
    NullGuard.Fody (1.4.6)
      Fody (>= 1.29.2)
    NUnit (2.6.4)
    OpenCover (4.6.519)
    Owin (1.0)
    Rdf.Vocabularies (1.1.1)
    SpecFlow (2.1)
    StyleCop.Analyzers (1.0)
    VDS.Common (1.6.4)
