REDIRECTS: ON
CONTENT: NONE
FRAMEWORK: NET452
NUGET
  remote: https://www.nuget.org/api/v2
    AngleSharp (0.9.9)
    dotNetRDF (1.0.12)
      HtmlAgilityPack (>= 1.4.9)
      Newtonsoft.Json (>= 8.0.3)
      VDS.Common (1.6.4)
    FakeItEasy (2.3.1)
    FluentAssertions (4.17)
    Fody (1.29.4)
    gitlink (2.3)
    GitVersionTask (3.6.4)
    HtmlAgilityPack (1.4.9.5)
    JetBrainsAnnotations.Fody (1.0.5)
      Fody (>= 1.29.2)
    JsonLd.Entities (0.3.3)
      json-ld.net (>= 1.0.5)
    json-ld.net (1.0.5)
      Newtonsoft.Json (>= 6.0.4)
    Microsoft.DotNet.PlatformAbstractions (1.1)
    Microsoft.Extensions.DependencyModel (1.1)
      Microsoft.DotNet.PlatformAbstractions (>= 1.1)
      Newtonsoft.Json (>= 9.0.1)
    Microsoft.Owin (3.0.1)
      Owin (>= 1.0)
    Microsoft.Owin.Host.SystemWeb (3.0.1)
      Microsoft.Owin (>= 3.0.1)
      Owin (>= 1.0)
    Microsoft.Owin.Hosting (3.0.1)
      Microsoft.Owin (>= 3.0.1)
      Owin (>= 1.0)
    Nancy (2.0.0-barneyrubble)
      Microsoft.Extensions.DependencyModel (>= 1.0)
    Nancy.Authentication.Forms (2.0.0-barneyrubble)
      Nancy (>= 2.0.0-barneyrubble)
    Nancy.Owin (2.0.0-barneyrubble)
      Nancy (>= 2.0.0-barneyrubble)
      Owin (>= 1.0)
    Nancy.Testing (2.0.0-barneyrubble)
      AngleSharp (>= 0.9.5)
      Nancy (>= 2.0.0-barneyrubble)
      Nancy.Authentication.Forms (>= 2.0.0-barneyrubble)
    Newtonsoft.Json (9.0.1)
    NullGuard.Fody (1.4.6)
      Fody (>= 1.29.2)
    NUnit (2.6.4)
    OpenCover (4.6.519)
    Owin (1.0)
    Rdf.Vocabularies (1.1.1)
    SpecFlow (2.1)
    StyleCop.Analyzers (1.0)
    VDS.Common (1.6.4)

GROUP code-analysis

GIST
  remote: tpluscode/a285267d2543466fc35c3a168c846f9f
    FULLPROJECT (c9b7a831e53e929f2ecce09b14a61e28007b669f)